PATH
  remote: .
  specs:
    mixpanel_test_service (0.0.1)
      net-http-server (= 0.2.2)

GEM
  remote: http://rubygems.org/
  specs:
    blankslate (2.1.2.4)
    coderay (1.0.7)
    diff-lcs (1.1.3)
    method_source (0.8)
    net-http-server (0.2.2)
      parslet (~> 1.0)
    parslet (1.4.0)
      blankslate (~> 2.0)
    pry (0.9.10)
      coderay (~> 1.0.5)
      method_source (~> 0.8)
      slop (~> 3.3.1)
    rspec (2.11.0)
      rspec-core (~> 2.11.0)
      rspec-expectations (~> 2.11.0)
      rspec-mocks (~> 2.11.0)
    rspec-core (2.11.1)
    rspec-expectations (2.11.3)
      diff-lcs (~> 1.1.3)
    rspec-mocks (2.11.2)
    slop (3.3.3)

PLATFORMS
  ruby

DEPENDENCIES
  mixpanel_test_service!
  pry
  rspec
