GIT
  remote: https://github.com/johncant/net-http-server
  revision: c806f049049a0195426a1c1d10e0e59536fae0c3
  specs:
    net-http-server (0.2.1)
      parslet (~> 1.0)

GEM
  specs:
    blankslate (2.1.2.4)
    diff-lcs (1.1.3)
    parslet (1.4.0)
      blankslate (~> 2.0)
    rspec (2.11.0)
      rspec-core (~> 2.11.0)
      rspec-expectations (~> 2.11.0)
      rspec-mocks (~> 2.11.0)
    rspec-core (2.11.1)
    rspec-expectations (2.11.2)
      diff-lcs (~> 1.1.3)
    rspec-mocks (2.11.2)

PLATFORMS
  ruby

DEPENDENCIES
  net-http-server!
  rspec
